GIT
  remote: https://github.com/rails/arel.git
  revision: 436db6d6e609305aca0d7b0a5b06b81a320a4320
  specs:
    arel (8.0.0)

GIT
  remote: https://github.com/rails/rails.git
  revision: 11660945696155c86a05260795e1a0afce0d291d
  specs:
    actioncable (5.1.0.alpha)
      actionpack (= 5.1.0.alpha)
      nio4r (~> 2.0)
      websocket-driver (~> 0.6.1)
    actionmailer (5.1.0.alpha)
      actionpack (= 5.1.0.alpha)
      actionview (= 5.1.0.alpha)
      activejob (= 5.1.0.alpha)
      mail (~> 2.5, >= 2.5.4)
      rails-dom-testing (~> 2.0)
    actionpack (5.1.0.alpha)
      actionview (= 5.1.0.alpha)
      activesupport (= 5.1.0.alpha)
      rack (~> 2.0)
      rack-test (~> 0.6.3)
      rails-dom-testing (~> 2.0)
      rails-html-sanitizer (~> 1.0, >= 1.0.2)
    actionview (5.1.0.alpha)
      activesupport (= 5.1.0.alpha)
      builder (~> 3.1)
      erubi (~> 1.4)
      rails-dom-testing (~> 2.0)
      rails-html-sanitizer (~> 1.0, >= 1.0.3)
    activejob (5.1.0.alpha)
      activesupport (= 5.1.0.alpha)
      globalid (>= 0.3.6)
    activemodel (5.1.0.alpha)
      activesupport (= 5.1.0.alpha)
    activerecord (5.1.0.alpha)
      activemodel (= 5.1.0.alpha)
      activesupport (= 5.1.0.alpha)
      arel (~> 8.0)
    activesupport (5.1.0.alpha)
      concurrent-ruby (~> 1.0, >= 1.0.2)
      i18n (~> 0.7)
      minitest (~> 5.1)
      tzinfo (~> 1.1)
    rails (5.1.0.alpha)
      actioncable (= 5.1.0.alpha)
      actionmailer (= 5.1.0.alpha)
      actionpack (= 5.1.0.alpha)
      actionview (= 5.1.0.alpha)
      activejob (= 5.1.0.alpha)
      activemodel (= 5.1.0.alpha)
      activerecord (= 5.1.0.alpha)
      activesupport (= 5.1.0.alpha)
      bundler (>= 1.3.0, < 2.0)
      railties (= 5.1.0.alpha)
      sprockets-rails (>= 2.0.0)
    railties (5.1.0.alpha)
      actionpack (= 5.1.0.alpha)
      activesupport (= 5.1.0.alpha)
      method_source
      rake (>= 0.8.7)
      thor (>= 0.18.1, < 2.0)

GEM
  remote: https://rubygems.org/
  specs:
    addressable (2.5.0)
      public_suffix (~> 2.0, >= 2.0.2)
    builder (3.2.3)
    capybara (2.12.1)
      addressable
      mime-types (>= 1.16)
      nokogiri (>= 1.3.3)
      rack (>= 1.0.0)
      rack-test (>= 0.5.4)
      xpath (~> 2.0)
    childprocess (0.6.1)
      ffi (~> 1.0, >= 1.0.11)
    concurrent-ruby (1.0.4)
    erubi (1.5.0)
    ffi (1.9.17)
    globalid (0.3.7)
      activesupport (>= 4.1.0)
    i18n (0.8.1)
    loofah (2.0.3)
      nokogiri (>= 1.5.9)
    mail (2.6.4)
      mime-types (>= 1.16, < 4)
    method_source (0.8.2)
    mime-types (3.1)
      mime-types-data (~> 3.2015)
    mime-types-data (3.2016.0521)
    mini_portile2 (2.1.0)
    minitest (5.10.1)
    nio4r (2.0.0)
    nokogiri (1.7.0.1)
      mini_portile2 (~> 2.1.0)
    pg (0.19.0)
    public_suffix (2.0.5)
    puma (3.7.1)
    rack (2.0.1)
    rack-test (0.6.3)
      rack (>= 1.0)
    rails-dom-testing (2.0.2)
      activesupport (>= 4.2.0, < 6.0)
      nokogiri (~> 1.6)
    rails-html-sanitizer (1.0.3)
      loofah (~> 2.0)
    rake (12.0.0)
    rubyzip (1.2.1)
    selenium-webdriver (3.1.0)
      childprocess (~> 0.5)
      rubyzip (~> 1.0)
      websocket (~> 1.0)
    sprockets (3.7.1)
      concurrent-ruby (~> 1.0)
      rack (> 1, < 3)
    sprockets-rails (3.2.0)
      actionpack (>= 4.0)
      activesupport (>= 4.0)
      sprockets (>= 3.0.0)
    thor (0.19.4)
    thread_safe (0.3.6)
    tzinfo (1.2.2)
      thread_safe (~> 0.1)
    websocket (1.2.4)
    websocket-driver (0.6.5)
      websocket-extensions (>= 0.1.0)
    websocket-extensions (0.1.2)
    xpath (2.0.0)
      nokogiri (~> 1.3)

PLATFORMS
  ruby

DEPENDENCIES
  arel!
  capybara
  pg
  puma
  rails!
  selenium-webdriver

BUNDLED WITH
   1.14.4
